GIT
  remote: git://github.com/puppetlabs/packaging.git
  revision: 1085cb4c5200a62cf4f70363b54a54a204913e0b
  specs:
    packaging (0.4.3.211.g1085cb4)

GEM
  remote: https://rubygems.org/
  specs:
    ast (2.2.0)
    astrolabe (1.3.1)
      parser (~> 2.2)
    json (1.8.3)
    lock_manager (0.1.1)
      redis (>= 3.2)
    parser (2.2.3.0)
      ast (>= 1.1, < 3.0)
    powerpack (0.1.1)
    rainbow (2.0.0)
    rake (10.4.2)
    redis (3.2.2)
    rubocop (0.34.2)
      astrolabe (~> 1.3)
      parser (>= 2.2.2.5, < 3.0)
      powerpack (~> 0.1)
      rainbow (>= 1.99.1, < 3.0)
      ruby-progressbar (~> 1.4)
    ruby-progressbar (1.7.5)
    vanagon (0.5.0)
      lock_manager

PLATFORMS
  ruby

DEPENDENCIES
  json
  packaging (~> 0.4)!
  rake
  rubocop (~> 0.34.2)
  vanagon (~> 0.5.0)

BUNDLED WITH
   1.10.6
